GEM
  remote: http://rubygems.org/
  specs:
    diff-lcs (1.1.3)
    eventmachine (0.12.10)
    git (1.2.5)
    guard (0.6.3)
      thor (~> 0.14.6)
    guard-spork (0.2.1)
      guard (>= 0.2.2)
      spork (>= 0.8.4)
    jeweler (1.6.4)
      bundler (~> 1.0)
      git (>= 1.2.5)
      rake
    mechanize (2.0.1)
      net-http-digest_auth (>= 1.1.1, ~> 1.1)
      net-http-persistent (~> 1.8)
      nokogiri (~> 1.4)
      webrobots (>= 0.0.9, ~> 0.0)
    net-http-digest_auth (1.1.1)
    net-http-persistent (1.8.1)
    nokogiri (1.5.0)
    rake (0.9.2)
    rcov (0.9.10)
    rspec (2.6.0)
      rspec-core (~> 2.6.0)
      rspec-expectations (~> 2.6.0)
      rspec-mocks (~> 2.6.0)
    rspec-core (2.6.4)
    rspec-expectations (2.6.0)
      diff-lcs (~> 1.1.2)
    rspec-mocks (2.6.0)
    spork (0.8.5)
    term-ansicolor (1.0.6)
    thor (0.14.6)
    webrobots (0.0.11)
      nokogiri (>= 1.4.4)
    yard (0.7.2)

PLATFORMS
  ruby

DEPENDENCIES
  bundler (> 1.0.0)
  eventmachine
  guard
  guard-spork
  jeweler
  mechanize
  rcov
  rspec (> 2.3.0)
  term-ansicolor
  yard (> 0.6.0)
